GEM
  remote: https://rubygems.org/
  specs:
    addressable (2.7.0)
      public_suffix (>= 2.0.2, < 5.0)
    equatable (0.6.1)
    launchy (2.4.3)
      addressable (~> 2.3)
    necromancer (0.5.0)
    pastel (0.7.3)
      equatable (~> 0.6)
      tty-color (~> 0.5)
    public_suffix (4.0.1)
    strings (0.1.7)
      strings-ansi (~> 0.1)
      unicode-display_width (~> 1.5)
      unicode_utils (~> 1.4)
    strings-ansi (0.1.0)
    tty-box (0.5.0)
      pastel (~> 0.7.2)
      strings (~> 0.1.6)
      tty-cursor (~> 0.7)
    tty-color (0.5.0)
    tty-cursor (0.7.0)
    tty-font (0.4.0)
    tty-progressbar (0.17.0)
      strings-ansi (~> 0.1.0)
      tty-cursor (~> 0.7)
      tty-screen (~> 0.7)
      unicode-display_width (~> 1.6)
    tty-prompt (0.19.0)
      necromancer (~> 0.5.0)
      pastel (~> 0.7.0)
      tty-reader (~> 0.6.0)
    tty-reader (0.6.0)
      tty-cursor (~> 0.7)
      tty-screen (~> 0.7)
      wisper (~> 2.0.0)
    tty-screen (0.7.0)
    tty-spinner (0.9.1)
      tty-cursor (~> 0.7)
    tty-table (0.11.0)
      equatable (~> 0.6)
      necromancer (~> 0.5)
      pastel (~> 0.7.2)
      strings (~> 0.1.5)
      tty-screen (~> 0.7)
    unicode-display_width (1.6.0)
    unicode_utils (1.4.0)
    wisper (2.0.1)

PLATFORMS
  ruby

DEPENDENCIES
  launchy (~> 2.4)
  pastel (~> 0.7.3)
  tty-box (~> 0.5.0)
  tty-font (~> 0.4.0)
  tty-progressbar (~> 0.17.0)
  tty-prompt (~> 0.19.0)
  tty-spinner (~> 0.9.1)
  tty-table (~> 0.11.0)

BUNDLED WITH
   2.0.2
